PATH
  remote: .
  specs:
    sensu-plugins-azure-acr-quota-metrics (0.0.2)
      json (= 2.6.1)
      mixlib-cli (= 1.7.0)
      parallel (= 1.19.2)
      sensu-plugin (~> 1.2)

GEM
  remote: https://rubygems.org/
  specs:
    diff-lcs (1.4.4)
    json (2.6.1)
    mixlib-cli (1.7.0)
    parallel (1.19.2)
    rspec (3.9.0)
      rspec-core (~> 3.9.0)
      rspec-expectations (~> 3.9.0)
      rspec-mocks (~> 3.9.0)
    rspec-core (3.9.2)
      rspec-support (~> 3.9.3)
    rspec-expectations (3.9.2)
      diff-lcs (>= 1.2.0, < 2.0)
      rspec-support (~> 3.9.0)
    rspec-mocks (3.9.1)
      diff-lcs (>= 1.2.0, < 2.0)
      rspec-support (~> 3.9.0)
    rspec-support (3.9.3)
    sensu-plugin (1.3.0)
      json
      mixlib-cli (>= 1.5.0)

PLATFORMS
  ruby

DEPENDENCIES
  rspec (~> 3.0)
  sensu-plugins-azure-acr-quota-metrics!

BUNDLED WITH
   1.16.0
